GEM
  remote: https://rubygems.org/
  specs:
    addressable (2.4.0)
    awesome_print (1.7.0)
    buftok (0.2.0)
    domain_name (0.5.20160615)
      unf (>= 0.0.5, < 1.0.0)
    http (0.9.9)
      addressable (~> 2.3)
      http-cookie (~> 1.0)
      http-form_data (~> 1.0.1)
      http_parser.rb (~> 0.6.0)
    http-cookie (1.0.2)
      domain_name (~> 0.5)
    http-form_data (1.0.1)
    http_parser.rb (0.6.0)
    json (1.8.3)
    mini_portile2 (2.4.0)
    nokogiri (1.10.10)
      mini_portile2 (~> 2.4.0)
    rMeetup (2.1.0)
      buftok (~> 0.2)
      http (~> 0.7)
      http_parser.rb (~> 0.6)
      json (~> 1.8)
    unf (0.1.4)
      unf_ext
    unf_ext (0.0.7.2)

PLATFORMS
  ruby

DEPENDENCIES
  awesome_print (~> 1.6)
  nokogiri (~> 1.10.10)
  rMeetup (~> 2.1.0)

BUNDLED WITH
   1.12.5
